GEM
  remote: http://rubygems.org/
  specs:
    adsf (1.1.1)
      rack (>= 1.0.0)
    allison (2.0.3)
    cri (2.2.1)
    echoe (4.6.3)
      allison (>= 2.0.3)
      gemcutter (>= 0.7.0)
      rake (>= 0.9.2)
      rdoc (>= 3.6.1)
      rubyforge (>= 2.0.4)
    fssm (0.2.9)
    gemcutter (0.7.1)
    json (1.7.7)
    json_pure (1.7.7)
    nanoc (3.3.3)
      cri (~> 2.2)
    nutils (1.2.0)
      nanoc (>= 3.3.1)
    rack (1.4.1)
    rainpress (1.0)
      echoe
    rake (10.0.3)
    rdoc (4.0.0)
      json (~> 1.4)
    rubyforge (2.0.4)
      json_pure (>= 1.1.7)
    systemu (2.5.0)

PLATFORMS
  ruby

DEPENDENCIES
  adsf
  fssm
  nanoc
  nutils
  rainpress
  systemu
