GEM
  remote: http://rubygems.org/
  specs:
    adsf (1.1.1)
      rack (>= 1.0.0)
    builder (3.0.0)
    cri (2.2.1)
    fssm (0.2.9)
    kramdown (0.13.5)
    nanoc (3.3.3)
      cri (~> 2.2)
    rack (1.4.1)
    sass (3.1.15)
    systemu (2.5.0)
    tzinfo (0.3.33)

PLATFORMS
  ruby

DEPENDENCIES
  adsf
  builder
  fssm
  kramdown
  nanoc
  sass
  systemu
  tzinfo
