GEM
  remote: https://rubygems.org/
  specs:
    adsf (1.1.1)
      rack (>= 1.0.0)
    colored (1.2)
    cri (2.3.0)
      colored (>= 1.2)
    fssm (0.2.10)
    nanoc (3.6.2)
      cri (~> 2.3)
    nutils (1.2.0)
      nanoc (>= 3.3.1)
    rack (1.5.2)
    rainpress (1.0)
    systemu (2.5.2)

PLATFORMS
  ruby

DEPENDENCIES
  adsf
  fssm
  nanoc
  nutils
  rainpress
  systemu
